GEM
  remote: http://rubygems.org/
  specs:
    cuba (3.1.0)
      rack
    pg (0.15.1)
    puma (2.0.1)
      rack (>= 1.1, < 2.0)
    rack (1.5.2)

PLATFORMS
  ruby

DEPENDENCIES
  cuba
  pg
  puma
